GEM
  remote: https://rubygems.org/
  specs:
    slop (4.10.1)

PLATFORMS
  x86_64-linux

DEPENDENCIES
  slop (~> 4.10)

BUNDLED WITH
   2.4.10
